GEM
  remote: http://rubygems.org/
  specs:
    innate (2012.03)
      rack (~> 1.4.1)
    puma (1.3.1)
      rack (~> 1.2)
    rack (1.4.1)
    ramaze (2012.04.14)
      innate (>= 2012.03)

PLATFORMS
  ruby

DEPENDENCIES
  puma
  ramaze
